GEM
  remote: http://rubygems.org/
  specs:
    actionpack (2.3.8)
      activesupport (= 2.3.8)
      rack (~> 1.1.0)
    activesupport (2.3.8)
    addressable (2.7.0)
      public_suffix (>= 2.0.2, < 5.0)
    cookiejar (0.3.3)
    curb (0.7.7.1)
    em-http-request (1.1.6)
      addressable (>= 2.3.4)
      cookiejar (!= 0.3.1)
      em-socksify (>= 0.3)
      eventmachine (>= 1.0.3)
      http_parser.rb (>= 0.6.0)
    em-socksify (0.3.2)
      eventmachine (>= 1.0.0.beta.4)
    eventmachine (1.2.7)
    gemcutter (0.4.1)
      json_pure
    git (1.2.5)
    http_parser.rb (0.6.0)
    jeweler (1.4.0)
      gemcutter (>= 0.1.0)
      git (>= 1.2.5)
      rubyforge (>= 2.0.0)
    json_pure (1.4.3)
    mocha (0.9.8)
      rake
    public_suffix (4.0.6)
    rack (1.1.0)
    rake (0.8.7)
    rubyforge (2.0.4)
      json_pure (>= 1.1.7)
    typhoeus (0.1.31)
      rack

PLATFORMS
  ruby

DEPENDENCIES
  actionpack (= 2.3.8)
  curb (>= 0.6.6.0)
  em-http-request (= 1.1.6)
  jeweler
  mocha (>= 0.9.8)
  typhoeus (>= 0.1.13)
