GEM
  remote: http://rubygems.org/
  specs:
    actionpack (7.0.4.1)
      actionview (= 7.0.4.1)
      activesupport (= 7.0.4.1)
      rack (~> 2.0, >= 2.2.0)
      rack-test (>= 0.6.3)
      rails-dom-testing (~> 2.0)
      rails-html-sanitizer (~> 1.0, >= 1.2.0)
    actionview (7.0.4.1)
      activesupport (= 7.0.4.1)
      builder (~> 3.1)
      erubi (~> 1.4)
      rails-dom-testing (~> 2.0)
      rails-html-sanitizer (~> 1.1, >= 1.2.0)
    activesupport (7.0.4.1)
      concurrent-ruby (~> 1.0, >= 1.0.2)
      i18n (>= 1.6, < 2)
      minitest (>= 5.1)
      tzinfo (~> 2.0)
    addressable (2.2.0)
    builder (3.2.4)
    concurrent-ruby (1.1.10)
    crass (1.0.6)
    curb (0.7.7.1)
    em-http-request (0.2.11)
      addressable (>= 2.0.0)
      eventmachine (>= 0.12.9)
    erubi (1.12.0)
    eventmachine (0.12.10)
    gemcutter (0.4.1)
      json_pure
    git (1.2.5)
    i18n (1.12.0)
      concurrent-ruby (~> 1.0)
    jeweler (1.4.0)
      gemcutter (>= 0.1.0)
      git (>= 1.2.5)
      rubyforge (>= 2.0.0)
    json_pure (1.4.3)
    loofah (2.19.1)
      crass (~> 1.0.2)
      nokogiri (>= 1.5.9)
    mini_portile2 (2.8.1)
    minitest (5.17.0)
    mocha (0.9.8)
      rake
    nokogiri (1.14.0)
      mini_portile2 (~> 2.8.0)
      racc (~> 1.4)
    racc (1.6.2)
    rack (2.2.6.2)
    rack-test (2.0.2)
      rack (>= 1.3)
    rails-dom-testing (2.0.3)
      activesupport (>= 4.2.0)
      nokogiri (>= 1.6)
    rails-html-sanitizer (1.4.4)
      loofah (~> 2.19, >= 2.19.1)
    rake (0.8.7)
    rubyforge (2.0.4)
      json_pure (>= 1.1.7)
    typhoeus (0.1.31)
      rack
    tzinfo (2.0.5)
      concurrent-ruby (~> 1.0)

PLATFORMS
  ruby

DEPENDENCIES
  actionpack (= 7.0.4.1)
  curb (>= 0.6.6.0)
  em-http-request (= 0.2.11)
  jeweler
  mocha (>= 0.9.8)
  typhoeus (>= 0.1.13)
